GEM
  remote: https://rubygems.org/
  specs:
    highline (1.6.13)
    mime-types (1.19)
    rest-client (1.6.7)
      mime-types (>= 1.16)

PLATFORMS
  ruby

DEPENDENCIES
  highline
  rest-client (~> 1.6.7)
